NUGET
  remote: https://www.nuget.org/api/v2
    ExtCore (0.8.46)
    FAKE (4.50)
    FSharp.Collections.ParallelSeq (1.0.2)
    FSharp.Core (4.0.0.1)
